GEM
  remote: https://rubygems.org/
  specs:
    linkhub (1.2.0)
    power_assert (1.2.0)
    test-unit (3.3.6)
      power_assert

PLATFORMS
  ruby

DEPENDENCIES
  linkhub
  test-unit

BUNDLED WITH
   1.17.2
